GEM
  remote: http://rubygems.org/
  specs:
    json (1.4.6)
    mime-types (1.16)
    oauth (0.4.4)
    rack (1.2.1)
    rest-client (1.6.1)
      mime-types (>= 1.16)
    sinatra (1.1.0)
      rack (~> 1.1)
      tilt (~> 1.1)
    tilt (1.1)
    twitter_oauth (0.4.3)
      json (>= 1.1.9)
      mime-types (>= 1.16)
      oauth (>= 0.4.1)

PLATFORMS
  ruby

DEPENDENCIES
  json
  rest-client
  sinatra
  twitter_oauth
